GEM
  specs:
    childprocess (3.0.0)
    json (2.6.2)
    minitest (5.15.0)
    parallel (1.22.1)
    rake (13.0.6)
    rubyzip (2.3.2)
    selenium-webdriver (3.142.7)
      childprocess (>= 0.5, < 4.0)
      rubyzip (>= 1.2.2)

PLATFORMS
  universal-darwin-21

DEPENDENCIES
  json
  minitest
  parallel
  rake
  selenium-webdriver (= 3.142.7)

BUNDLED WITH
   2.3.12
